GEM
  remote: http://rubygems.org/
  specs:
    activesupport (3.0.3)
    addressable (2.2.4)
    crack (0.1.8)
    git (1.2.5)
    i18n (0.4.2)
    jeweler (1.5.1)
      bundler (~> 1.0.0)
      git (>= 1.2.5)
      rake
    json (1.4.6)
    mocha (0.9.8)
      rake
    oauth (0.4.4)
    rake (0.8.7)
    rcov (0.9.9)
    redgreen (1.2.2)
    shoulda (2.11.3)
    webmock (1.6.2)
      addressable (>= 2.2.2)
      crack (>= 0.1.7)

PLATFORMS
  ruby

DEPENDENCIES
  activesupport
  bundler (~> 1.0.0)
  i18n
  jeweler (~> 1.5.1)
  json
  mocha (>= 0.9.8)
  oauth (>= 0.4.4)
  rcov
  redgreen
  shoulda
  webmock (>= 1.6.2)
